GIT
  remote: https://github.com/dkudriavtsev/discordrb
  revision: 43895b3ccc2bb12a38f43b3a720ba4aaf6eafe27
  ref: 43895b3ccc2bb12a38f43b3a720ba4aaf6eafe27
  branch: voice_websocket_update
  specs:
    discordrb-webhooks (3.3.0)
      rest-client (>= 2.1.0.rc1)

GIT
  remote: https://github.com/swarley/discordrb
  revision: 6d447b3c1ab0ec708434629eaf788aaae125092e
  branch: voice_websocket_update
  specs:
    discordrb (3.3.0)
      discordrb-webhooks (~> 3.3.0)
      ffi (>= 1.9.24)
      opus-ruby
      rest-client (>= 2.0.0)
      websocket-client-simple (>= 0.3.0)

GEM
  remote: https://rubygems.org/
  specs:
    activemodel (6.0.3.5)
      activesupport (= 6.0.3.5)
    activerecord (6.0.3.5)
      activemodel (= 6.0.3.5)
      activesupport (= 6.0.3.5)
    activesupport (6.0.3.5)
      concurrent-ruby (~> 1.0, >= 1.0.2)
      i18n (>= 0.7, < 2)
      minitest (~> 5.1)
      tzinfo (~> 1.1)
      zeitwerk (~> 2.2, >= 2.2.2)
    addressable (2.7.0)
      public_suffix (>= 2.0.2, < 5.0)
    climate_control (0.2.0)
    cocaine (0.6.0)
      terrapin (= 0.6.0)
    concurrent-ruby (1.1.8)
    declarative (0.0.10)
    declarative-option (0.1.0)
    domain_name (0.5.20190701)
      unf (>= 0.0.5, < 1.0.0)
    dotenv (2.7.5)
    event_emitter (0.2.6)
    faraday (1.0.1)
      multipart-post (>= 1.2, < 3)
    ffi (1.13.1)
    google-api-client (0.40.2)
      addressable (~> 2.5, >= 2.5.1)
      googleauth (~> 0.9)
      httpclient (>= 2.8.1, < 3.0)
      mini_mime (~> 1.0)
      representable (~> 3.0)
      retriable (>= 2.0, < 4.0)
      signet (~> 0.12)
    googleauth (0.13.0)
      faraday (>= 0.17.3, < 2.0)
      jwt (>= 1.4, < 3.0)
      memoist (~> 0.16)
      multi_json (~> 1.11)
      os (>= 0.9, < 2.0)
      signet (~> 0.14)
    http-accept (1.7.0)
    http-cookie (1.0.3)
      domain_name (~> 0.5)
    httpclient (2.8.3)
    i18n (1.8.9)
      concurrent-ruby (~> 1.0)
    io-console (0.5.6)
    irb (1.2.4)
      reline (>= 0.0.1)
    jwt (2.2.1)
    log4r (1.1.10)
    memoist (0.16.2)
    mime-types (3.3.1)
      mime-types-data (~> 3.2015)
    mime-types-data (3.2020.0512)
    mini_mime (1.0.2)
    minitest (5.14.4)
    multi_json (1.14.1)
    multipart-post (2.1.1)
    netrc (0.11.0)
    opus-ruby (1.0.1)
      ffi
    os (1.1.0)
    public_suffix (4.0.5)
    rbnacl (7.1.1)
      ffi
    readline (0.0.2)
      reline
    reline (0.1.4)
      io-console (~> 0.5)
    representable (3.0.4)
      declarative (< 0.1.0)
      declarative-option (< 0.2.0)
      uber (< 0.2.0)
    rest-client (2.1.0)
      http-accept (>= 1.7.0, < 2.0)
      http-cookie (>= 1.0.2, < 2.0)
      mime-types (>= 1.16, < 4.0)
      netrc (~> 0.8)
    retriable (3.1.2)
    signet (0.14.0)
      addressable (~> 2.3)
      faraday (>= 0.17.3, < 2.0)
      jwt (>= 1.5, < 3.0)
      multi_json (~> 1.10)
    sqlite3 (1.4.2)
    terrapin (0.6.0)
      climate_control (>= 0.0.3, < 1.0)
    thread_safe (0.3.6)
    tzinfo (1.2.9)
      thread_safe (~> 0.1)
    uber (0.1.0)
    unf (0.1.4)
      unf_ext
    unf_ext (0.0.7.7)
    websocket (1.2.8)
    websocket-client-simple (0.3.0)
      event_emitter
      websocket
    youtube-dl.rb (0.3.1.2016.09.11.1)
      cocaine (>= 0.5.4)
    zeitwerk (2.4.2)

PLATFORMS
  ruby

DEPENDENCIES
  activerecord
  discordrb!
  discordrb-webhooks!
  dotenv
  google-api-client
  irb
  log4r
  rbnacl
  readline
  sqlite3
  youtube-dl.rb

BUNDLED WITH
   2.1.4
